PATH
  remote: .
  specs:
    sherling_view_tool (0.2.5)

GEM
  remote: https://rubygems.org/
  specs:
    ansi (1.5.0)
    builder (3.2.4)
    minitest (5.11.3)
    minitest-reporters (1.3.8)
      ansi
      builder
      minitest (>= 5.0)
      ruby-progressbar
    rake (13.0.3)
    ruby-progressbar (1.11.0)

PLATFORMS
  x86_64-darwin-16
  x86_64-darwin-18

DEPENDENCIES
  bundler (~> 2.2.18)
  minitest (= 5.11.3)
  minitest-reporters (= 1.3.8)
  rake (~> 13.0.3)
  sherling_view_tool!

RUBY VERSION
   ruby 3.0.0p0

BUNDLED WITH
   2.2.18
